PATH
  remote: .
  specs:
    od-inventory-check (1.1.0)
      faraday (~> 0.8)
      xml-simple (~> 1.1)

GEM
  remote: https://rubygems.org/
  specs:
    addressable (2.3.5)
    crack (0.4.1)
      safe_yaml (~> 0.9.0)
    diff-lcs (1.2.4)
    faraday (0.8.8)
      multipart-post (~> 1.2.0)
    multi_json (1.7.9)
    multipart-post (1.2.0)
    rake (10.1.0)
    rspec (2.14.1)
      rspec-core (~> 2.14.0)
      rspec-expectations (~> 2.14.0)
      rspec-mocks (~> 2.14.0)
    rspec-core (2.14.5)
    rspec-expectations (2.14.2)
      diff-lcs (>= 1.1.3, < 2.0)
    rspec-mocks (2.14.3)
    safe_yaml (0.9.7)
    simplecov (0.7.1)
      multi_json (~> 1.0)
      simplecov-html (~> 0.7.1)
    simplecov-html (0.7.1)
    webmock (1.15.0)
      addressable (>= 2.2.7)
      crack (>= 0.3.2)
    xml-simple (1.1.2)

PLATFORMS
  ruby

DEPENDENCIES
  bundler (~> 1.3)
  od-inventory-check!
  rake (~> 10)
  rspec (~> 2.14)
  simplecov (~> 0.7)
  webmock (~> 1.15)
